GEM
  remote: http://rubygems.org/
  specs:
    builder (3.2.0)
    childprocess (0.3.2)
      ffi (~> 1.0.6)
    commonwatir (4.0.0)
    ffi (1.0.11)
    hoe (3.0.6)
      rake (~> 0.8)
    httpclient (2.3.4.1)
    httpi (2.1.0)
      rack
      rubyntlm (~> 0.3.2)
    mini_magick (3.2.1)
      subexec (~> 0.0.4)
    multi_json (1.7.2)
    nokogiri (1.5.6-x86-mingw32)
    rack (1.5.2)
    rake (0.9.2.2)
    rautomation (0.7.2)
    rubyntlm (0.3.4)
    rubyzip (0.9.9)
    s4t-utils (1.0.4)
      hoe (>= 1.3.0)
    selenium-webdriver (2.32.1)
      childprocess (>= 0.2.5)
      multi_json (~> 1.0)
      rubyzip
      websocket (~> 1.0.4)
    subexec (0.0.4)
    user-choices (1.1.6.1)
      builder (>= 2.1.2)
      s4t-utils (>= 1.0.3)
      xml-simple (>= 1.0.11)
    watir (4.0.2-x86-mingw32)
      commonwatir (~> 4)
      watir-classic (~> 3.2)
      watir-webdriver
    watir-classic (3.3.0)
      ffi (~> 1.0)
      multi_json
      nokogiri
      rautomation (~> 0.7.2)
      user-choices
      win32-process (>= 0.5.5)
      win32screenshot
      windows-pr (>= 0.6.6)
    watir-webdriver (0.6.1)
      selenium-webdriver (>= 2.18.0)
    websocket (1.0.6)
    win32-api (1.4.8-x86-mingw32)
    win32-process (0.6.5)
      windows-pr (>= 1.1.2)
    win32screenshot (1.0.7)
      ffi (~> 1.0)
      mini_magick (~> 3.2.1)
      rautomation (~> 0.7.0)
    windows-api (0.4.1)
      win32-api (>= 1.4.5)
    windows-pr (1.2.1)
      win32-api (>= 1.4.5)
      windows-api (>= 0.3.0)
    xml-simple (1.1.1)

PLATFORMS
  x86-mingw32

DEPENDENCIES
  httpclient
  httpi
  watir
  watir-webdriver
